GEM
  remote: https://rubygems.org/
  specs:
    activesupport (5.2.8.1)
      concurrent-ruby (~> 1.0, >= 1.0.2)
      i18n (>= 0.7, < 2)
      minitest (~> 5.1)
      tzinfo (~> 1.1)
    addressable (2.8.1)
      public_suffix (>= 2.0.2, < 6.0)
    ansi (1.5.0)
    artii (2.1.2)
    ast (2.4.2)
    astrolabe (1.3.1)
      parser (~> 2.2)
    awesome_print (1.9.2)
    bcrypt_pbkdf (1.1.0)
    beaker (4.38.1)
      beaker-hostgenerator
      ed25519 (~> 1.0)
      hocon (~> 1.0)
      in-parallel (~> 0.1)
      inifile (~> 3.0)
      minitar (~> 0.6)
      minitest (~> 5.4)
      net-scp (>= 1.2, < 4.0)
      net-ssh (>= 5.0)
      open_uri_redirections (~> 0.2.1)
      rexml
      rsync (~> 1.0.9)
      stringify-hash (~> 0.0)
      thor (>= 1.0.1, < 2.0)
    beaker-abs (0.11.0)
      bcrypt_pbkdf (>= 1.0, < 2.0)
      beaker (~> 4.0)
      ed25519 (>= 1.2, < 2.0)
      vmfloaty (>= 1.0, < 2)
    beaker-answers (0.29.0)
      hocon (~> 1.0)
      require_all (>= 1.3.2, < 3.1.0)
      stringify-hash (~> 0.0.0)
    beaker-hostgenerator (1.17.0)
      deep_merge (~> 1.0)
    beaker-pe (2.11.24)
      beaker (~> 4.0)
      beaker-abs
      beaker-answers (~> 0.0)
      beaker-puppet (~> 1.0)
      beaker-vmpooler (~> 1.0)
      stringify-hash (~> 0.0.0)
    beaker-puppet (1.29.0)
      beaker (~> 4.1)
      in-parallel (~> 0.1)
      oga
    beaker-puppet_install_helper (0.9.8)
      beaker (~> 4.0)
      beaker-pe (~> 2.0)
    beaker-rspec (7.1.0)
      beaker (> 3.0)
      rspec (~> 3.0)
      serverspec (~> 2)
      specinfra (~> 2)
    beaker-vmpooler (1.4.0)
      stringify-hash (~> 0.0.0)
    commander (4.6.0)
      highline (~> 2.0.0)
    concurrent-ruby (1.1.10)
    configatron (3.2.0)
    deep_merge (1.2.2)
    diff-lcs (1.5.0)
    diffy (3.4.2)
    docile (1.4.0)
    ed25519 (1.3.0)
    facter (2.4.6)
    facterdb (1.19.0)
      facter (< 5.0.0)
      jgrep
    falkorlib (0.8.10)
      activesupport (~> 5.0)
      artii (>= 2.1)
      awesome_print (> 1.2)
      configatron (~> 3.0)
      deep_merge (~> 1.0)
      diffy (>= 3.0)
      facter (~> 2.4.1)
      git_remote_branch (~> 0)
      json (> 2.0)
      license-generator (~> 0)
      logger (>= 1.2.8)
      minigit (~> 0)
      rake (>= 12.3.3)
      term-ansicolor (> 1.3)
      thor (>= 1.0)
    faraday (1.10.2)
      faraday-em_http (~> 1.0)
      faraday-em_synchrony (~> 1.0)
      faraday-excon (~> 1.1)
      faraday-httpclient (~> 1.0)
      faraday-multipart (~> 1.0)
      faraday-net_http (~> 1.0)
      faraday-net_http_persistent (~> 1.0)
      faraday-patron (~> 1.0)
      faraday-rack (~> 1.0)
      faraday-retry (~> 1.0)
      ruby2_keywords (>= 0.0.4)
    faraday-em_http (1.0.0)
    faraday-em_synchrony (1.0.0)
    faraday-excon (1.1.0)
    faraday-httpclient (1.0.1)
    faraday-multipart (1.0.4)
      multipart-post (~> 2)
    faraday-net_http (1.0.1)
    faraday-net_http_persistent (1.2.0)
    faraday-patron (1.0.0)
    faraday-rack (1.0.0)
    faraday-retry (1.0.3)
    faraday_middleware (1.2.0)
      faraday (~> 1.0)
    gh (0.18.0)
      activesupport (~> 5.0)
      addressable (~> 2.4)
      faraday (~> 1.0)
      faraday_middleware (~> 1.0)
      multi_json (~> 1.0)
      net-http-persistent (~> 2.9)
      net-http-pipeline
    git_remote_branch (0.3.8)
    hiera (3.10.0)
    highline (2.0.3)
    hocon (1.3.1)
    i18n (1.12.0)
      concurrent-ruby (~> 1.0)
    in-parallel (0.1.17)
    inifile (3.0.0)
    jgrep (1.5.4)
    json (2.6.2)
    json-schema (3.0.0)
      addressable (>= 2.8)
    json_pure (2.6.2)
    launchy (2.4.3)
      addressable (~> 2.3)
    license-generator (0.4.1)
      thor
    logger (1.5.1)
    metadata-json-lint (3.0.2)
      json-schema (>= 2.8, < 4.0)
      spdx-licenses (~> 1.0)
    minigit (0.0.4)
    minitar (0.9)
    minitest (5.16.3)
    mocha (1.16.1)
    multi_json (1.15.0)
    multipart-post (2.2.3)
    net-http-persistent (2.9.4)
    net-http-pipeline (1.0.1)
    net-scp (1.2.1)
      net-ssh (>= 2.6.5)
    net-ssh (7.0.1)
    net-telnet (0.1.1)
    oga (3.4)
      ast
      ruby-ll (~> 2.1)
    open_uri_redirections (0.2.1)
    parser (2.7.2.0)
      ast (~> 2.4.1)
    pathspec (1.0.0)
    powerpack (0.1.3)
    public_suffix (5.0.0)
    puppet (4.4.2)
      facter (> 2.0, < 4)
      hiera (>= 2.0, < 4)
      json_pure
    puppet-lint (2.5.2)
    puppet-lint-absolute_classname-check (3.0.1)
      puppet-lint (>= 1.0, < 3.0)
    puppet-lint-classes_and_types_beginning_with_digits-check (1.0.0)
      puppet-lint (>= 1.0, < 3.0)
    puppet-lint-leading_zero-check (1.0.0)
      puppet-lint (>= 1.0, < 3.0)
    puppet-lint-resource_reference_syntax (1.1.0)
      puppet-lint (>= 1.0, < 3.0)
    puppet-lint-trailing_comma-check (0.4.3)
      puppet-lint (>= 1.0, < 3.0)
    puppet-lint-unquoted_string-check (2.1.0)
      puppet-lint (>= 2.1, < 3.0)
    puppet-lint-version_comparison-check (1.0.0)
      puppet-lint (>= 1.0, < 3.0)
    puppet-syntax (2.6.0)
      rake
    puppetlabs_spec_helper (4.0.1)
      mocha (~> 1.0)
      pathspec (>= 0.2.1, < 1.1.0)
      puppet-lint (~> 2.0)
      puppet-syntax (>= 2.0, < 4)
      rspec-puppet (~> 2.0)
    pusher-client (0.6.2)
      json
      websocket (~> 1.0)
    rainbow (2.2.2)
      rake
    rake (13.0.6)
    require_all (3.0.0)
    rexml (3.2.5)
    rspec (3.1.0)
      rspec-core (~> 3.1.0)
      rspec-expectations (~> 3.1.0)
      rspec-mocks (~> 3.1.0)
    rspec-core (3.1.7)
      rspec-support (~> 3.1.0)
    rspec-expectations (3.1.2)
      diff-lcs (>= 1.2.0, < 2.0)
      rspec-support (~> 3.1.0)
    rspec-its (1.3.0)
      rspec-core (>= 3.0.0)
      rspec-expectations (>= 3.0.0)
    rspec-mocks (3.1.3)
      rspec-support (~> 3.1.0)
    rspec-puppet (2.12.0)
      rspec
    rspec-puppet-facts (2.0.5)
      facter
      facterdb (>= 0.5.0)
      puppet
    rspec-support (3.1.2)
    rsync (1.0.9)
    rubocop (0.33.0)
      astrolabe (~> 1.3)
      parser (>= 2.2.2.5, < 3.0)
      powerpack (~> 0.1)
      rainbow (>= 1.99.1, < 3.0)
      ruby-progressbar (~> 1.4)
    ruby-ll (2.1.2)
      ansi
      ast
    ruby-progressbar (1.11.0)
    ruby2_keywords (0.0.5)
    semantic_puppet (1.0.4)
    serverspec (2.42.0)
      multi_json
      rspec (~> 3.0)
      rspec-its
      specinfra (~> 2.72)
    sfl (2.3)
    simplecov (0.21.2)
      docile (~> 1.1)
      simplecov-html (~> 0.11)
      simplecov_json_formatter (~> 0.1)
    simplecov-console (0.9.1)
      ansi
      simplecov
      terminal-table
    simplecov-html (0.12.3)
    simplecov_json_formatter (0.1.4)
    spdx-licenses (1.3.0)
    specinfra (2.83.3)
      net-scp
      net-ssh (>= 2.7)
      net-telnet (= 0.1.1)
      sfl
    stringify-hash (0.0.2)
    sync (0.5.0)
    term-ansicolor (1.7.1)
      tins (~> 1.0)
    terminal-table (3.0.2)
      unicode-display_width (>= 1.1.1, < 3)
    thor (1.2.1)
    thread_safe (0.3.6)
    tins (1.31.1)
      sync
    travis (1.11.1)
      faraday (~> 1.0)
      faraday_middleware (~> 1.0)
      gh (~> 0.13)
      highline (~> 2.0)
      json_pure (~> 2.3)
      launchy (~> 2.1, < 2.5.0)
      pusher-client (~> 0.4)
    travis-lint (2.0.0)
      json
    tzinfo (1.2.10)
      thread_safe (~> 0.1)
    unicode-display_width (2.3.0)
    vmfloaty (1.7.0)
      commander (>= 4.4.3, < 4.7.0)
      faraday (~> 1.5, >= 1.5.1)
    websocket (1.2.9)

PLATFORMS
  x86_64-linux

DEPENDENCIES
  beaker
  beaker-puppet_install_helper
  beaker-rspec
  falkorlib
  metadata-json-lint
  puppet (~> 4.4.0)
  puppet-lint-absolute_classname-check
  puppet-lint-classes_and_types_beginning_with_digits-check
  puppet-lint-leading_zero-check
  puppet-lint-resource_reference_syntax
  puppet-lint-trailing_comma-check
  puppet-lint-unquoted_string-check
  puppet-lint-version_comparison-check
  puppetlabs_spec_helper
  rake
  rspec (< 3.2.0)
  rspec-puppet
  rspec-puppet-facts
  rubocop (= 0.33.0)
  semantic_puppet
  simplecov (>= 0.11.0)
  simplecov-console
  travis
  travis-lint

BUNDLED WITH
   2.3.25
